GEM
  remote: https://rubygems.org/
  specs:
    sha3-pure-ruby (1.0.0)

PLATFORMS
  wasm32-unknown
  x86_64-linux

DEPENDENCIES
  sha3-pure-ruby (~> 1.0)

BUNDLED WITH
   2.4.1
